GIT
  remote: git@github.com:capistrano/capistrano.git
  revision: 39e88957610394629af68299e10f6779af25ac79
  branch: master
  specs:
    capistrano (3.2.1)
      highline
      i18n
      rake (>= 10.0.0)
      sshkit (~> 1.3)

GEM
  remote: https://rubygems.org/
  specs:
    capistrano-multiconfig (3.0.8)
      capistrano (>= 3.0.0)
    erubis (2.7.0)
    highline (1.6.21)
    i18n (0.6.9)
    json (1.8.0)
    net-scp (1.2.1)
      net-ssh (>= 2.6.5)
    net-ssh (2.9.0)
    rake (10.3.1)
    sshkit (1.4.0)
      net-scp (>= 1.1.2)
      net-ssh (>= 2.8.0)
      term-ansicolor
    term-ansicolor (1.3.0)
      tins (~> 1.0)
    tins (1.1.0)

PLATFORMS
  ruby

DEPENDENCIES
  capistrano!
  capistrano-multiconfig (>= 3.0.3)
  erubis
  json
